GEM
  remote: http://rubygems.org/
  specs:
    albacore (0.2.7)
      rubyzip (~> 0.9)
    rake (0.9.2.2)
    rubyzip (0.9.8)

PLATFORMS
  x86-mingw32

DEPENDENCIES
  albacore (= 0.2.7)
  rake (= 0.9.2.2)
